GEM
  remote: https://rubygems.org/
  specs:
    builder (3.2.2)
    json (2.0.1)
    jwt (1.5.4)
    minitest (5.9.0)
    multi_json (1.12.1)
    rack (1.6.4)
    rack-protection (1.5.3)
      rack
    rake (11.2.2)
    sinatra (1.4.7)
      rack (~> 1.5)
      rack-protection (~> 1.4)
      tilt (>= 1.3, < 3)
    tilt (2.0.5)
    twilio-ruby (4.11.1)
      builder (>= 2.1.2)
      jwt (~> 1.0)
      multi_json (>= 1.3.0)

PLATFORMS
  ruby

DEPENDENCIES
  json
  minitest
  rake
  sinatra
  twilio-ruby

BUNDLED WITH
   1.12.5
